RESTRICTION: == net45
NUGET
  remote: https://api.nuget.org/v3/index.json
    FAKE (5.8.4)
    Mono.Cecil (0.10.4)
    SourceLink.Fake (1.1)
